GEM
  remote: https://rubygems.org/
  specs:
    chunky_png (1.2.9)
    classifier (1.3.4)
      fast-stemmer (>= 1.0.0)
    colorator (0.1)
    commander (4.1.5)
      highline (~> 1.6.11)
    compass (0.12.2)
      chunky_png (~> 1.2)
      fssm (>= 0.2.7)
      sass (~> 3.1)
    directory_watcher (1.4.1)
    execjs (2.0.2)
    facets (2.9.3)
    fast-stemmer (1.0.2)
    fileutils (0.7)
      rmagick (>= 2.13.1)
    fssm (0.2.10)
    highline (1.6.20)
    hike (1.2.3)
    jekyll (1.0.4)
      classifier (~> 1.3)
      colorator (~> 0.1)
      commander (~> 4.1.3)
      directory_watcher (~> 1.4.1)
      kramdown (~> 1.0.2)
      liquid (~> 2.5.1)
      maruku (~> 0.5)
      pygments.rb (~> 0.5.0)
      safe_yaml (~> 0.7.0)
    jekyll-assets (0.7.4)
      jekyll (~> 1.0)
      sprockets (~> 2.10)
    json (1.8.1)
    kramdown (1.0.2)
    liquid (2.5.5)
    maruku (0.7.1)
    mini_magick (3.7.0)
      subexec (~> 0.2.1)
    mini_portile (0.5.2)
    multi_json (1.8.4)
    nokogiri (1.6.1)
      mini_portile (~> 0.5.0)
    posix-spawn (0.3.8)
    pygments.rb (0.5.4)
      posix-spawn (~> 0.3.6)
      yajl-ruby (~> 1.1.0)
    rack (1.5.2)
    rake (10.1.1)
    rdiscount (2.1.7)
    redcarpet (3.0.0)
    rmagick (2.13.2)
    rubypants (0.2.0)
    safe_yaml (0.7.1)
    sass (3.2.14)
    sprockets (2.10.1)
      hike (~> 1.2)
      multi_json (~> 1.0)
      rack (~> 1.0)
      tilt (~> 1.1, != 1.3.0)
    subexec (0.2.3)
    tilt (1.4.1)
    typogruby (1.0.16)
      rubypants
    uglifier (2.4.0)
      execjs (>= 0.3.0)
      json (>= 1.8.0)
    yajl-ruby (1.1.0)
    yuicompressor (1.3.2)
    zurb-foundation (4.3.2)
      sass (>= 3.2.0)

PLATFORMS
  ruby

DEPENDENCIES
  compass
  facets
  fileutils
  jekyll
  jekyll-assets
  json
  mini_magick
  nokogiri
  rake
  rdiscount
  redcarpet (= 3.0.0)
  sass
  typogruby
  uglifier
  yuicompressor
  zurb-foundation
